GEM
  remote: https://rubygems.org/
  specs:
    aws-sdk (2.9.32)
      aws-sdk-resources (= 2.9.32)
    aws-sdk-core (2.9.32)
      aws-sigv4 (~> 1.0)
      jmespath (~> 1.0)
    aws-sdk-resources (2.9.32)
      aws-sdk-core (= 2.9.32)
    aws-sigv4 (1.0.0)
    jmespath (1.3.1)
    json (2.1.0)

PLATFORMS
  ruby

DEPENDENCIES
  aws-sdk
  json

BUNDLED WITH
   1.15.1
